GEM
  remote: https://rubygems.org/
  specs:
    amq-protocol (2.3.0)
    bunny (2.14.3)
      amq-protocol (~> 2.3, >= 2.3.0)
    facter (2.5.6)
    json (2.2.0)
    parseconfig (1.0.8)

PLATFORMS
  ruby

DEPENDENCIES
  bunny
  facter
  json
  parseconfig

BUNDLED WITH
   2.0.2
